GEM
  remote: https://rubygems.org/
  specs:
    hashie (4.1.0)
    slop (4.8.1)
    xdg (4.1.0)

PLATFORMS
  ruby

DEPENDENCIES
  hashie
  slop
  xdg

BUNDLED WITH
   2.1.4
