GEM
  remote: https://rubygems.org/
  specs:
    thor (1.2.1)

PLATFORMS
  ruby

DEPENDENCIES
  thor

BUNDLED WITH
   2.1.4
